GEM
  remote: https://rubygems.org/
  specs:
    diff-lcs (1.4.4)
    discordrb (3.4.0)
      discordrb-webhooks (~> 3.3.0)
      ffi (>= 1.9.24)
      opus-ruby
      rest-client (>= 2.0.0)
      websocket-client-simple (>= 0.3.0)
    discordrb-webhooks (3.3.0)
      rest-client (>= 2.1.0.rc1)
    domain_name (0.5.20190701)
      unf (>= 0.0.5, < 1.0.0)
    event_emitter (0.2.6)
    excon (0.79.0)
    ffi (1.15.0)
    http-accept (1.7.0)
    http-cookie (1.0.3)
      domain_name (~> 0.5)
    mime-types (3.3.1)
      mime-types-data (~> 3.2015)
    mime-types-data (3.2021.0225)
    netrc (0.11.0)
    opus-ruby (1.0.1)
      ffi
    rake (13.0.3)
    rest-client (2.1.0)
      http-accept (>= 1.7.0, < 2.0)
      http-cookie (>= 1.0.2, < 2.0)
      mime-types (>= 1.16, < 4.0)
      netrc (~> 0.8)
    rspec-core (3.10.1)
      rspec-support (~> 3.10.0)
    rspec-expectations (3.10.1)
      diff-lcs (>= 1.2.0, < 2.0)
      rspec-support (~> 3.10.0)
    rspec-mocks (3.10.2)
      diff-lcs (>= 1.2.0, < 2.0)
      rspec-support (~> 3.10.0)
    rspec-support (3.10.2)
    unf (0.1.4)
      unf_ext
    unf_ext (0.0.7.5)
    web3-eth (0.1.0)
    websocket (1.2.9)
    websocket-client-simple (0.3.0)
      event_emitter
      websocket

PLATFORMS
  x86_64-linux

DEPENDENCIES
  discordrb
  excon
  rake
  rspec-core
  rspec-expectations
  rspec-mocks
  unf_ext (= 0.0.7.5)
  web3-eth

BUNDLED WITH
   2.2.3
